GEM
  remote: https://rubygems.org/
  specs:
    colorize (0.8.1)

PLATFORMS
  arm64-darwin-21

DEPENDENCIES
  colorize
  ruby2d

BUNDLED WITH
   2.3.7
